GEM
  remote: https://rubygems.org/
  specs:
    asciidoctor (1.5.2)
    erubis (2.7.0)
    posix-spawn (0.3.9)
    pygments.rb (0.6.0)
      posix-spawn (~> 0.3.6)
      yajl-ruby (~> 1.1.0)
    thread_safe (0.3.4)
    tilt (2.0.1)
    yajl-ruby (1.1.0)

PLATFORMS
  ruby

DEPENDENCIES
  asciidoctor
  erubis
  pygments.rb
  thread_safe
  tilt
